GIT
  remote: git://github.com/DaveBlooman/ruby-awssdk-helper.git
  revision: 22c2f5da91e6d68894eb0a6d185d88572dffc9c2
  specs:
    spurious-ruby-awssdk-helper (1.0.0)
      aws-sdk (~> 1)

GEM
  remote: https://rubygems.org/
  specs:
    aws-sdk (1.66.0)
      aws-sdk-v1 (= 1.66.0)
    aws-sdk-v1 (1.66.0)
      json (~> 1.4)
      nokogiri (>= 1.4.4)
    coderay (1.1.1)
    docker-api (1.32.1)
      excon (>= 0.38.0)
      json
    em-synchrony (1.0.5)
      eventmachine (>= 1.0.0.beta.1)
    eventmachine (1.2.0.1)
    excon (0.53.0)
    ffi (1.9.14)
    json (1.8.3)
    listen (3.1.5)
      rb-fsevent (~> 0.9, >= 0.9.4)
      rb-inotify (~> 0.9, >= 0.9.7)
      ruby_dep (~> 1.2)
    method_source (0.8.2)
    mini_portile2 (2.1.0)
    mustache (0.99.8)
    mustache-sinatra (1.0.1)
      mustache (<= 0.99.8)
    nokogiri (1.6.8.1)
      mini_portile2 (~> 2.1.0)
    peach (0.5.1)
    pry (0.10.4)
      coderay (~> 1.1.0)
      method_source (~> 0.8.1)
      slop (~> 3.4)
    rack (1.6.4)
    rack-protection (1.5.3)
      rack
    rake (11.3.0)
    rb-fsevent (0.9.7)
    rb-inotify (0.9.7)
      ffi (>= 0.5.0)
    rerun (0.11.0)
      listen (~> 3.0)
    ruby_dep (1.5.0)
    sinatra (1.4.7)
      rack (~> 1.5)
      rack-protection (~> 1.4)
      tilt (>= 1.3, < 3)
    slop (3.6.0)
    spoon (0.0.6)
      ffi
    spurious (0.4.3)
      eventmachine
      spurious-server
      thor
      timeout (= 0.0.0)
    spurious-server (0.6.3)
      docker-api
      em-synchrony
      eventmachine
      peach
      spoon
      thor
    thor (0.19.1)
    tilt (2.0.5)
    timeout (0.0.0)

PLATFORMS
  ruby

DEPENDENCIES
  aws-sdk
  bundler (~> 1.5)
  mustache
  mustache-sinatra
  pry
  rake
  rerun
  sinatra
  spurious
  spurious-ruby-awssdk-helper!

BUNDLED WITH
   1.13.1
